GEM
  remote: https://www.rubygems.org/
  specs:
    metaclass (0.0.1)
    minitest (5.0.4)
    mocha (0.14.0)
      metaclass (~> 0.0.1)

PLATFORMS
  ruby

DEPENDENCIES
  minitest
  mocha
